GIT
  remote: git://github.com/factorylabs/liquid.git
  revision: e5eb7e24f03c2a03767123e024cee476bcebde1e
  branch: 2-2-stable
  specs:
    liquid (2.2.5.beta)

GEM
  remote: http://rubygems.org/
  specs:
    classifier (1.3.3)
      fast-stemmer (>= 1.0.0)
    directory_watcher (1.3.2)
    fast-stemmer (1.0.0)
    jekyll (0.7.0)
      classifier (>= 1.3.1)
      directory_watcher (>= 1.1.1)
      liquid (>= 1.9.0)
      maruku (>= 0.5.9)
    maruku (0.6.0)
      syntax (>= 1.0.0)
    rack (1.1.0)
    rack-try_static (0.1.1)
      rack (= 1.1.0)
    syntax (1.0.0)

PLATFORMS
  ruby

DEPENDENCIES
  bundler
  jekyll
  liquid!
  rack-try_static
