GIT
  remote: git://github.com/factorylabs/liquid.git
  revision: e5eb7e24f03c2a03767123e024cee476bcebde1e
  branch: 2-2-stable
  specs:
    liquid (2.2.5.beta)

GEM
  remote: http://rubygems.org/
  specs:
    classifier (1.3.3)
      fast-stemmer (>= 1.0.0)
    directory_watcher (1.3.2)
    engineyard (1.3.4)
      engineyard-serverside-adapter (= 1.3.5)
      escape (~> 0.0.4)
      highline (~> 1.6.1)
      json_pure
      rest-client (~> 1.4)
      thor (~> 0.14.3)
    engineyard-serverside-adapter (1.3.5)
      escape (~> 0.0.4)
      json_pure
    escape (0.0.4)
    eventmachine (0.12.10)
    fast-stemmer (1.0.0)
    highline (1.6.1)
    jekyll (0.7.0)
      classifier (>= 1.3.1)
      directory_watcher (>= 1.1.1)
      liquid (>= 1.9.0)
      maruku (>= 0.5.9)
    json_pure (1.4.6)
    maruku (0.6.0)
      syntax (>= 1.0.0)
    mime-types (1.16)
    rack (1.1.0)
    rack-try_static (0.1.1)
      rack (= 1.1.0)
    rest-client (1.6.1)
      mime-types (>= 1.16)
    syntax (1.0.0)
    thor (0.14.4)

PLATFORMS
  ruby

DEPENDENCIES
  bundler
  engineyard
  eventmachine
  jekyll
  liquid!
  rack-try_static
