GIT
  remote: git://github.com/factorylabs/liquid.git
  revision: e5eb7e24f03c2a03767123e024cee476bcebde1e
  branch: 2-2-stable
  specs:
    liquid (2.2.5.beta)

GEM
  remote: http://rubygems.org/
  specs:
    classifier (1.3.3)
      fast-stemmer (>= 1.0.0)
    directory_watcher (1.3.2)
    fast-stemmer (1.0.0)
    jekyll (0.7.0)
      classifier (>= 1.3.1)
      directory_watcher (>= 1.1.1)
      liquid (>= 1.9.0)
      maruku (>= 0.5.9)
    maruku (0.6.0)
      syntax (>= 1.0.0)
    rack (1.2.1)
    rack-jekyll (0.3.5)
      jekyll
      rack
    syntax (1.0.0)
    unicorn (1.1.4)
      rack

PLATFORMS
  ruby

DEPENDENCIES
  bundler
  liquid!
  rack-jekyll
  unicorn
